GEM
  remote: http://rubygems.org/
  specs:
    activesupport (3.1.3)
      multi_json (~> 1.0)
    addressable (2.2.6)
    heroku (2.15.1)
      launchy (>= 0.3.2)
      rest-client (~> 1.6.1)
      rubyzip
      term-ansicolor (~> 1.0.5)
    httparty (0.8.1)
      multi_json
      multi_xml
    json (1.6.3)
    kgio (2.6.0)
    lastfm (0.6.0)
      activesupport (>= 3.0.3)
      httparty
      xml-simple
    launchy (2.0.5)
      addressable (~> 2.2.6)
    mime-types (1.17.2)
    multi_json (1.0.4)
    multi_xml (0.4.1)
    oauth (0.4.5)
    rack (1.3.5)
    rack-protection (1.1.4)
      rack
    raindrops (0.8.0)
    rest-client (1.6.7)
      mime-types (>= 1.16)
    rubyzip (0.9.4)
    shotgun (0.9)
      rack (>= 1.0)
    sinatra (1.3.1)
      rack (~> 1.3, >= 1.3.4)
      rack-protection (~> 1.1, >= 1.1.2)
      tilt (~> 1.3, >= 1.3.3)
    sinatra-formhelpers (0.4.0)
    sinatra-twitter-oauth (0.0.3)
    term-ansicolor (1.0.6)
    tilt (1.3.3)
    twitter_oauth (0.4.3)
      json (>= 1.1.9)
      mime-types (>= 1.16)
      oauth (>= 0.4.1)
    unicorn (4.1.1)
      kgio (~> 2.4)
      rack
      raindrops (~> 0.6)
    xml-simple (1.1.1)

PLATFORMS
  ruby

DEPENDENCIES
  heroku
  lastfm
  rest-client
  shotgun
  sinatra
  sinatra-formhelpers
  sinatra-twitter-oauth
  twitter_oauth
  unicorn
